GEM
  remote: https://rubygems.org/
  specs:
    hashie (2.0.5)
    httparty (0.11.0)
      multi_json (~> 1.0)
      multi_xml (>= 0.5.2)
    inifile (2.0.2)
    linkedin (0.4.2)
      hashie (>= 1.2, < 2.1)
      multi_json (~> 1.0)
      oauth (~> 0.4)
    multi_json (1.7.9)
    multi_xml (0.5.5)
    oauth (0.4.7)
    rack (1.5.2)
    rack-protection (1.5.0)
      rack
    shotgun (0.9)
      rack (>= 1.0)
    sinatra (1.4.3)
      rack (~> 1.4)
      rack-protection (~> 1.4)
      tilt (~> 1.3, >= 1.3.4)
    tilt (1.4.1)

PLATFORMS
  ruby

DEPENDENCIES
  httparty
  inifile (~> 2.0.2)
  linkedin
  rack
  shotgun
  sinatra
